GEM
  remote: https://rubygems.org/
  specs:
    jasmine (2.8.0)
      jasmine-core (>= 2.8.0, < 3.0.0)
      phantomjs
      rack (>= 1.2.1)
      rake
    jasmine-core (2.8.0)
    phantomjs (2.1.1.0)
    rack (2.0.3)
    rake (12.1.0)
    webrick (1.7.0)

PLATFORMS
  ruby

DEPENDENCIES
  jasmine
  webrick

BUNDLED WITH
   1.14.4
